GEM
  remote: https://rubygems.org/
  specs:
    coderay (1.1.2)
    dotenv (2.2.1)
    httparty (0.16.2)
      multi_xml (>= 0.5.2)
    method_source (0.9.0)
    multi_xml (0.6.0)
    pry (0.11.3)
      coderay (~> 1.1.0)
      method_source (~> 0.9.0)
    rack (1.6.0)
    rack-protection (1.5.3)
      rack
    sinatra (1.4.5)
      rack (~> 1.4)
      rack-protection (~> 1.4)
      tilt (~> 1.3, >= 1.3.4)
    tilt (1.4.1)

PLATFORMS
  ruby

DEPENDENCIES
  dotenv
  httparty
  pry
  sinatra

BUNDLED WITH
   1.16.1
